GEM
  remote: https://rubygems.org/
  specs:
    activemodel (5.1.4)
      activesupport (= 5.1.4)
    activerecord (5.1.4)
      activemodel (= 5.1.4)
      activesupport (= 5.1.4)
      arel (~> 8.0)
    activerecord-sqlserver-adapter (5.1.6)
      activerecord (~> 5.1.0)
      tiny_tds
    activesupport (5.1.4)
      concurrent-ruby (~> 1.0, >= 1.0.2)
      i18n (~> 0.7)
      minitest (~> 5.1)
      tzinfo (~> 1.1)
    addressable (2.5.2)
      public_suffix (>= 2.0.2, < 4.0)
    ansi (1.5.0)
    arel (8.0.0)
    backports (3.11.4)
    builder (3.2.3)
    bundler-unload (1.0.2)
    childprocess (0.8.0)
      ffi (~> 1.0, >= 1.0.11)
    concurrent-ruby (1.0.5)
    console_color (0.0.4)
    cucumber (3.1.2)
      builder (>= 2.1.2)
      cucumber-core (~> 3.2.0)
      cucumber-expressions (~> 6.0.1)
      cucumber-wire (~> 0.0.1)
      diff-lcs (~> 1.3)
      gherkin (~> 5.1.0)
      multi_json (>= 1.7.5, < 2.0)
      multi_test (>= 0.1.2)
    cucumber-core (3.2.1)
      backports (>= 3.8.0)
      cucumber-tag_expressions (~> 1.1.0)
      gherkin (~> 5.0)
    cucumber-expressions (6.0.1)
    cucumber-tag_expressions (1.1.1)
    cucumber-wire (0.0.1)
    diff-lcs (1.3)
    domain_name (0.5.20170404)
      unf (>= 0.0.5, < 1.0.0)
    executable-hooks (1.3.2)
    facets (3.1.0)
    ffi (1.9.18-x64-mingw32)
    gherkin (5.1.0)
    hashie (3.5.7)
    http-cookie (1.0.3)
      domain_name (~> 0.5)
    i18n (0.9.3)
      concurrent-ruby (~> 1.0)
    json (2.1.0)
    json-compare (0.1.8)
    json-diff (0.4.1)
    json-schema (2.8.0)
      addressable (>= 2.4)
    json-stream (0.2.1)
    json_expressions (0.9.0)
    jsonpath (0.8.11)
      multi_json
      to_regexp (~> 0.2.1)
    mime-types (3.1)
      mime-types-data (~> 3.2015)
    mime-types-data (3.2016.0521)
    mini_portile2 (2.3.0)
    minitest (5.11.3)
    multi_json (1.13.1)
    multi_test (0.1.2)
    net (0.3.3)
      activesupport
    netrc (0.11.0)
    nokogiri (1.8.1-x64-mingw32)
      mini_portile2 (~> 2.3.0)
    parallel (1.12.1)
    parallel_tests (2.21.1)
      parallel
    public_suffix (3.0.1)
    rake (12.3.0)
    redcard (1.1.0)
    report_builder (1.4)
      json (>= 1.8.1)
    rest-client (2.0.2-x64-mingw32)
      ffi (~> 1.9)
      http-cookie (>= 1.0.2, < 2.0)
      mime-types (>= 1.16, < 4.0)
      netrc (~> 0.8)
    rubyXL (3.3.31)
      nokogiri (>= 1.4.4)
      rubyzip (>= 1.1.6)
    rubygems-bundler (1.4.4)
      bundler-unload (>= 1.0.2)
      executable-hooks (>= 1.3.2)
    rubygems-update (2.7.4)
    rubysl-rexml (2.0.4)
    rubysl-uri (2.0.0)
    rubysl-win32ole (0.0.1)
      redcard (~> 1.0)
    rubytest (0.8.1)
    rubyzip (1.2.1)
    selenium-webdriver (3.8.0)
      childprocess (~> 0.5)
      rubyzip (~> 1.0)
    test (1.0.0)
      rubytest
    thread_safe (0.3.6)
    tiny_tds (2.1.1-x64-mingw32)
    to_regexp (0.2.1)
    tzinfo (1.2.4)
      thread_safe (~> 0.1)
    unf (0.1.4)
      unf_ext
    unf_ext (0.0.7.4-x64-mingw32)
    watir (6.10.3)
      selenium-webdriver (~> 3.4, >= 3.4.1)
    win32ole-pp (1.2.0)
    xmlrpc (0.3.0)

PLATFORMS
  x64-mingw32

DEPENDENCIES
  activerecord-sqlserver-adapter (~> 5.1, >= 5.1.6)
  ansi (~> 1.5)
  console_color (~> 0.0.4)
  cucumber (~> 3.1, >= 3.1.2)
  facets (~> 3.1)
  hashie (~> 3.5, >= 3.5.7)
  json (~> 2.1)
  json-compare (~> 0.1.8)
  json-diff (~> 0.4.1)
  json-schema (~> 2.8)
  json-stream (~> 0.2.1)
  json_expressions (~> 0.9.0)
  jsonpath (~> 0.8.11)
  minitest (~> 5.11, >= 5.11.3)
  net (~> 0.3.3)
  nokogiri (~> 1.8, >= 1.8.1)
  parallel_tests (~> 2.21, >= 2.21.1)
  rake (~> 12.3)
  report_builder (~> 1.4)
  rest-client (~> 2.0, >= 2.0.2)
  rubyXL (~> 3.3, >= 3.3.21)
  rubygems-bundler (~> 1.4, >= 1.4.4)
  rubygems-update (~> 2.7, >= 2.7.4)
  rubysl-rexml (~> 2.0, >= 2.0.4)
  rubysl-uri (~> 2.0)
  rubysl-win32ole (~> 0.0.1)
  test (~> 1.0)
  tiny_tds (~> 2.1, >= 2.1.1)
  watir (~> 6.10, >= 6.10.3)
  win32ole-pp
  xmlrpc (~> 0.3.0)

BUNDLED WITH
   1.16.6
