GEM
  remote: https://rubygems.org/
  specs:
    actionpack (5.1.6)
      actionview (= 5.1.6)
      activesupport (= 5.1.6)
      rack (~> 2.0)
      rack-test (>= 0.6.3)
      rails-dom-testing (~> 2.0)
      rails-html-sanitizer (~> 1.0, >= 1.0.2)
    actionview (5.1.6)
      activesupport (= 5.1.6)
      builder (~> 3.1)
      erubi (~> 1.4)
      rails-dom-testing (~> 2.0)
      rails-html-sanitizer (~> 1.0, >= 1.0.3)
    activemodel (5.1.6)
      activesupport (= 5.1.6)
    activerecord (5.1.6)
      activemodel (= 5.1.6)
      activesupport (= 5.1.6)
      arel (~> 8.0)
    activerecord-sqlserver-adapter (5.1.6)
      activerecord (~> 5.1.0)
      tiny_tds
    activesupport (5.1.6)
      concurrent-ruby (~> 1.0, >= 1.0.2)
      i18n (>= 0.7, < 2)
      minitest (~> 5.1)
      tzinfo (~> 1.1)
    addressable (2.5.2)
      public_suffix (>= 2.0.2, < 4.0)
    angular-table (0.0.7)
    api_test_gem (0.2.5)
      activesupport (>= 2.3.5)
      json
    arel (8.0.0)
    backports (3.11.4)
    builder (3.2.3)
    childprocess (0.8.0)
      ffi (~> 1.0, >= 1.0.11)
    coderay (1.1.2)
    concurrent-ruby (1.0.5)
    console_color (0.0.4)
    crass (1.0.4)
    csv (1.0.2)
    cucumber (3.1.0)
      builder (>= 2.1.2)
      cucumber-core (~> 3.1.0)
      cucumber-expressions (~> 5.0.4)
      cucumber-wire (~> 0.0.1)
      diff-lcs (~> 1.3)
      gherkin (~> 5.0)
      multi_json (>= 1.7.5, < 2.0)
      multi_test (>= 0.1.2)
    cucumber-core (3.1.0)
      backports (>= 3.8.0)
      cucumber-tag_expressions (~> 1.1.0)
      gherkin (>= 5.0.0)
    cucumber-expressions (5.0.18)
    cucumber-formatter (1.2.0)
      mysql2
    cucumber-tag_expressions (1.1.1)
    cucumber-wire (0.0.1)
    data_magic (1.2)
      faker (>= 1.1.2)
      yml_reader (>= 0.6)
    debase-ruby_core_source (0.10.3)
    diff-lcs (1.3)
    domain_name (0.5.20180417)
      unf (>= 0.0.5, < 1.0.0)
    erubi (1.7.1)
    faker (1.9.1)
      i18n (>= 0.7)
    ffi (1.9.25-x64-mingw32)
    formatter (0.1.0)
      formatter-date (~> 0.1.0)
      formatter-number (~> 0.1.0)
    formatter-date (0.1.1)
      tzinfo
    formatter-number (0.1.0)
    gherkin (5.1.0)
    hashie (3.6.0)
    headless (2.3.1)
    http-cookie (1.0.3)
      domain_name (~> 0.5)
    httparty (0.16.2)
      multi_xml (>= 0.5.2)
    i18n (1.1.1)
      concurrent-ruby (~> 1.0)
    jar_wrapper (0.1.8)
      zip
    json (2.1.0)
    json-schema (2.8.1)
      addressable (>= 2.4)
    loofah (2.2.2)
      crass (~> 1.0.2)
      nokogiri (>= 1.5.9)
    method_source (0.9.0)
    mime-types (3.2.2)
      mime-types-data (~> 3.2015)
    mime-types-data (3.2018.0812)
    mini_portile2 (2.3.0)
    minitest (5.11.3)
    multi_json (1.13.1)
    multi_test (0.1.2)
    multi_xml (0.6.0)
    mysql2 (0.5.2-x64-mingw32)
    netrc (0.11.0)
    nokogiri (1.8.5-x64-mingw32)
      mini_portile2 (~> 2.3.0)
    page-object (2.2.4)
      page_navigation (>= 0.10)
      selenium-webdriver (~> 3.0)
      watir (~> 6.8)
    page_navigation (0.10)
      data_magic (>= 0.22)
    parallel (1.12.1)
    parallel_tests (2.23.0)
      parallel
    power_assert (1.1.3)
    pretty (0.3.2)
    pretty_face (0.10.3)
      actionpack (>= 3.2.13)
      cucumber
      syntax
    pretty_formatter (0.0.2)
      activesupport (>= 3.2)
    pry (0.11.3)
      coderay (~> 1.1.0)
      method_source (~> 0.9.0)
    public_suffix (3.0.3)
    rack (2.0.5)
    rack-test (0.8.3)
      rack (>= 1.0, < 3)
    rails-dom-testing (2.0.3)
      activesupport (>= 4.2.0)
      nokogiri (>= 1.6)
    rails-html-sanitizer (1.0.4)
      loofah (~> 2.2, >= 2.2.2)
    rake (12.3.1)
    rautomation (0.17.0)
      ffi (~> 1.9.0)
    redcard (1.1.0)
    report_builder (1.8)
      json (>= 1.8.1)
    require_all (1.5.0)
    rest-client (2.0.2-x64-mingw32)
      ffi (~> 1.9)
      http-cookie (>= 1.0.2, < 2.0)
      mime-types (>= 1.16, < 4.0)
      netrc (~> 0.8)
    rspec (3.8.0)
      rspec-core (~> 3.8.0)
      rspec-expectations (~> 3.8.0)
      rspec-mocks (~> 3.8.0)
    rspec-core (3.8.0)
      rspec-support (~> 3.8.0)
    rspec-expectations (3.8.2)
      diff-lcs (>= 1.2.0, < 2.0)
      rspec-support (~> 3.8.0)
    rspec-mocks (3.8.0)
      diff-lcs (>= 1.2.0, < 2.0)
      rspec-support (~> 3.8.0)
    rspec-support (3.8.0)
    ruby-ntlm (0.0.4)
    rubygems-update (2.7.7)
    rubysl-open-uri (2.0.0)
    rubysl-win32ole (0.0.1)
      redcard (~> 1.0)
    rubyzip (1.2.2)
    safe_yaml (1.0.4)
    selenium (0.2.11)
      jar_wrapper
    selenium-webdriver (3.14.1)
      childprocess (~> 0.5)
      rubyzip (~> 1.2, >= 1.2.2)
    sixarm_ruby_rexml (2.1.2)
    syntax (1.2.2)
    test-unit (3.2.8)
      power_assert
    thread_safe (0.3.6)
    tiny_tds (2.1.2-x64-mingw32)
    titleize (1.4.1)
    tzinfo (1.2.5)
      thread_safe (~> 0.1)
    unf (0.1.4)
      unf_ext
    unf_ext (0.0.7.5-x64-mingw32)
    watir (6.14.0)
      selenium-webdriver (~> 3.4, >= 3.4.1)
    watir-ng (2.1.1)
      watir (~> 6.0)
    watir-scroll (0.4.0)
      watir (>= 6.0)
    watir_angular (0.4.0)
      watir (~> 6.9)
    win32-api (1.7.1-universal-mingw32)
    words_counted (1.0.2)
    yml_reader (0.7)
    zip (2.0.2)

PLATFORMS
  x64-mingw32

DEPENDENCIES
  actionpack (~> 5.1, >= 5.1.4)
  actionview (~> 5.1, >= 5.1.4)
  activerecord-sqlserver-adapter (~> 5.1, >= 5.1.6)
  angular-table (~> 0.0.7)
  api_test_gem (~> 0.2.5)
  childprocess (~> 0.8.0)
  console_color (~> 0.0.4)
  csv (~> 1.0, >= 1.0.1)
  cucumber (~> 3.1)
  cucumber-core (~> 3.1)
  cucumber-expressions (~> 5.0, >= 5.0.7)
  cucumber-formatter (~> 1.2)
  cucumber-tag_expressions (~> 1.1, >= 1.1.1)
  cucumber-wire (~> 0.0.1)
  debase-ruby_core_source (~> 0.10.2)
  ffi (~> 1.9, >= 1.9.17)
  formatter (~> 0.1.0)
  gherkin (~> 5.0)
  hashie (~> 3.5, >= 3.5.7)
  headless (~> 2.3, >= 2.3.1)
  httparty (~> 0.16.0)
  json (~> 2.1)
  json-schema (~> 2.8)
  nokogiri (~> 1.8, >= 1.8.1)
  page-object (~> 2.2, >= 2.2.4)
  parallel_tests (~> 2.21, >= 2.21.1)
  pretty (~> 0.3.2)
  pretty_face (~> 0.10.3)
  pretty_formatter (~> 0.0.2)
  pry (~> 0.11.3)
  rack-test (~> 0.8.2)
  rails-dom-testing (~> 2.0, >= 2.0.3)
  rake (~> 12.3)
  rautomation (~> 0.17.0)
  report_builder (~> 1.4)
  require_all (~> 1.5)
  rest-client (~> 2.0, >= 2.0.2)
  rspec (~> 3.7)
  ruby-ntlm
  rubygems-update (~> 2.7, >= 2.7.4)
  rubysl-open-uri (~> 2.0)
  rubysl-win32ole (~> 0.0.1)
  safe_yaml (~> 1.0, >= 1.0.4)
  selenium (~> 0.2.11)
  selenium-webdriver
  sixarm_ruby_rexml (~> 2.1, >= 2.1.2)
  syntax (~> 1.2, >= 1.2.2)
  test-unit (~> 3.2, >= 3.2.7)
  tiny_tds (~> 2.1, >= 2.1.1)
  titleize (~> 1.4, >= 1.4.1)
  watir
  watir-ng (~> 2.1, >= 2.1.1)
  watir-scroll (~> 0.4.0)
  watir_angular (~> 0.4.0)
  win32-api (~> 1.4, >= 1.4.8)
  words_counted (~> 1.0, >= 1.0.2)

BUNDLED WITH
   1.16.6
